GIT
  remote: git://github.com/dolzenko/query_trace.git
  revision: 93bc262d6577f729526b6d130ab5e2fe83586f1a
  specs:
    query_trace (0.1.1)
      activerecord

GIT
  remote: git://github.com/norman/friendly_id.git
  revision: 3f1fd4835986a2accc3e0f27c882b5d12da8063e
  branch: 3.x
  specs:
    friendly_id (3.3.2.0)
      babosa (~> 0.3.0)

GIT
  remote: git://github.com/odorcicd/authlogic.git
  revision: a087ad0cba3c165ba22fcf176c28b6f7517931e8
  branch: rails3
  specs:
    authlogic (2.1.3)
      activesupport

GIT
  remote: https://github.com/joren/facebooker.git
  revision: b1481ef1a57b607209ce2beebf9794481db80412
  branch: rails3
  specs:
    facebooker (1.0.64)
      json_pure (>= 1.0.0)

GEM
  remote: http://rubygems.org/
  remote: http://gemcutter.org/
  remote: http://gems.github.com/
  specs:
    aasm (3.0.4)
      activerecord
    abstract (1.0.0)
    actionmailer (3.0.0)
      actionpack (= 3.0.0)
      mail (~> 2.2.5)
    actionpack (3.0.0)
      activemodel (= 3.0.0)
      activesupport (= 3.0.0)
      builder (~> 2.1.2)
      erubis (~> 2.6.6)
      i18n (~> 0.4.1)
      rack (~> 1.2.1)
      rack-mount (~> 0.6.12)
      rack-test (~> 0.5.4)
      tzinfo (~> 0.3.23)
    active_url (0.1.4)
      activerecord
    active_utils (1.0.3)
      activesupport (>= 2.3.11)
      i18n
    activemerchant (1.21.0)
      active_utils (>= 1.0.2)
      activesupport (>= 2.3.11)
      builder (>= 2.0.0)
      i18n
      json (>= 1.5.1)
      money (<= 3.7.1)
    activemodel (3.0.0)
      activesupport (= 3.0.0)
      builder (~> 2.1.2)
      i18n (~> 0.4.1)
    activerecord (3.0.0)
      activemodel (= 3.0.0)
      activesupport (= 3.0.0)
      arel (~> 1.0.0)
      tzinfo (~> 0.3.23)
    activeresource (3.0.0)
      activemodel (= 3.0.0)
      activesupport (= 3.0.0)
    activesupport (3.0.0)
    acts_as_taggable_on_steroids (1.2)
    acts_as_tree_rails3 (0.1.0)
    addressable (2.2.7)
    ajaxful_rating (2.2.9)
    ambethia-smtp-tls (1.1.2)
    arel (1.0.1)
      activesupport (~> 3.0.0)
    aws-s3 (0.6.2)
      builder
      mime-types
      xml-simple
    aws-sdk (1.4.1)
      httparty (~> 0.7)
      json (~> 1.4)
      nokogiri (>= 1.4.4)
      uuidtools (~> 2.1)
    babosa (0.3.7)
    bartt-ssl_requirement (1.4.2)
    builder (2.1.2)
    bullet (2.3.1)
      uniform_notifier (~> 1.0.0)
    cocaine (0.2.1)
    comma (3.0.3)
    commonjs (0.2.5)
    crack (0.3.1)
    daemons (1.1.8)
    erubis (2.6.6)
      abstract (>= 1.0.0)
    faraday (0.7.6)
      addressable (~> 2.2)
      multipart-post (~> 1.1)
      rack (~> 1.1)
    fastercsv (1.5.4)
    gravtastic (3.0.0)
    high_voltage (1.1.1)
    hoptoad_notifier (2.3.2)
      activesupport
    hpoydar-chronic_duration (0.7.4)
    hpricot (0.8.6)
    httparty (0.8.2)
      multi_json
      multi_xml
    i18n (0.4.2)
    jrails (0.6.0)
    json (1.6.5)
    json_pure (1.6.6)
    less (2.1.0)
      commonjs (~> 0.2.0)
      therubyracer (~> 0.10.0)
    libv8 (3.3.10.4)
    localized_country_select (0.0.1)
    mail (2.2.19)
      activesupport (>= 2.3.6)
      i18n (>= 0.4.0)
      mime-types (~> 1.16)
      treetop (~> 1.4.8)
    mail_safe (0.3.1)
      actionmailer (>= 1.3.6)
    meta_search (0.9.8)
      actionpack (~> 3.0.0)
      activerecord (~> 3.0.0)
      activesupport (~> 3.0.0)
      arel (~> 1.0.1)
    methodmissing-scrooge (3.0.0)
    mime-types (1.17.2)
    money (3.7.1)
      i18n (~> 0.4)
    multi_json (1.2.0)
    multi_xml (0.4.4)
    multipart-post (1.1.5)
    mysql (2.8.1)
    newrelic_rpm (3.0.0)
    nokogiri (1.5.2)
    paperclip (3.0.1)
      activemodel (>= 3.0.0)
      activerecord (>= 3.0.0)
      activesupport (>= 3.0.0)
      cocaine (>= 0.0.2)
      mime-types
    polyglot (0.3.3)
    rack (1.2.5)
    rack-mount (0.6.14)
      rack (>= 1.0.0)
    rack-test (0.5.7)
      rack (>= 1.0)
    rails (3.0.0)
      actionmailer (= 3.0.0)
      actionpack (= 3.0.0)
      activerecord (= 3.0.0)
      activeresource (= 3.0.0)
      activesupport (= 3.0.0)
      bundler (~> 1.0.0)
      railties (= 3.0.0)
    rails-dev-boost (0.1.1)
    railties (3.0.0)
      actionpack (= 3.0.0)
      activesupport (= 3.0.0)
      rake (>= 0.8.4)
      thor (~> 0.14.0)
    rake (0.9.2.2)
    rdoc (3.12)
      json (~> 1.4)
    recaptcha (0.3.4)
    riddle (1.5.1)
    sevenwire-http_client (0.1.0)
    simple_oauth (0.1.5)
    spob-flix_cloud-gem (0.6.2)
      builder (>= 2.1.2)
      crack (>= 0.1.1)
      sevenwire-http_client (>= 0.1.0)
    spob_browser_detector (1.1.1)
    therubyracer (0.10.1)
      libv8 (~> 3.3.10)
    thinking-sphinx (2.0.0)
      activerecord (>= 3.0.0)
      riddle (>= 1.2.0)
    thor (0.14.6)
    thoughtbot-shoulda (2.11.1)
    treetop (1.4.10)
      polyglot
      polyglot (>= 0.3.1)
    twitter (2.2.0)
      activesupport (>= 2.3.9, < 4)
      faraday (~> 0.7)
      multi_json (~> 1.0)
      simple_oauth (~> 0.1)
    tzinfo (0.3.31)
    uniform_notifier (1.0.1)
    uuidtools (2.1.2)
    will_paginate (3.0.3)
    xml-simple (1.1.1)
    zencoder (2.1.15)
      activesupport

PLATFORMS
  ruby

DEPENDENCIES
  aasm
  active_url
  activemerchant
  acts_as_taggable_on_steroids
  acts_as_tree_rails3
  ajaxful_rating
  ambethia-smtp-tls
  authlogic!
  aws-s3
  aws-sdk
  bartt-ssl_requirement (~> 1.4.0)
  builder (~> 2.1.2)
  bullet
  comma (~> 3.0)
  crack
  daemons
  facebooker!
  fastercsv
  friendly_id!
  gravtastic (= 3.0.0)
  high_voltage
  hoptoad_notifier (= 2.3.2)
  hpoydar-chronic_duration
  hpricot
  jrails (= 0.6)
  less
  localized_country_select
  mail_safe
  meta_search
  methodmissing-scrooge
  mysql
  newrelic_rpm (= 3.0.0)
  paperclip (= 3.0.1)
  query_trace!
  rails (= 3.0.0)
  rails-dev-boost
  rdoc
  recaptcha
  spob-flix_cloud-gem
  spob_browser_detector (= 1.1.1)
  thinking-sphinx (= 2.0.0)
  thoughtbot-shoulda
  twitter (>= 0.7.0)
  will_paginate
  zencoder (~> 2.1.15)
